PATH
  remote: .
  specs:
    mruby_gem_scaffolding (0.1.0)

GEM
  remote: https://rubygems.org/
  specs:
    rake (12.3.3)

PLATFORMS
  ruby

DEPENDENCIES
  mruby_gem_scaffolding!
  rake (~> 12.0)

BUNDLED WITH
   2.1.4
